PATH
  remote: ../rulers
  specs:
    rulers (0.0.3)
      rack

GEM
  remote: https://rubygems.org/
  specs:
    ffi (1.14.2)
    kgio (2.11.3)
    listen (3.4.1)
      rb-fsevent (~> 0.10, >= 0.10.3)
      rb-inotify (~> 0.9, >= 0.9.10)
    rack (2.2.3)
    raindrops (0.19.1)
    rb-fsevent (0.10.4)
    rb-inotify (0.10.1)
      ffi (~> 1.0)
    rerun (0.13.1)
      listen (~> 3.0)
    unicorn (5.8.0)
      kgio (~> 2.6)
      raindrops (~> 0.7)

PLATFORMS
  ruby

DEPENDENCIES
  rerun
  rulers!
  unicorn

BUNDLED WITH
   1.17.3
